GEM
  remote: https://rubygems.org/
  specs:
    webrick (1.8.1)

PLATFORMS
  arm64-darwin-20

DEPENDENCIES
  webrick (~> 1.8)

BUNDLED WITH
   2.4.22
